PATH
  remote: .
  specs:
    dtk-node-agent (0.10.4)
      bundler
      dtk-action-agent
      facter (~> 2.2.0)
      grit (~> 2.5.0)
      net-ssh (~> 2.9.2)
      posix-spawn (= 0.3.8)
      puppet (= 3.6.2)
      serverspec (~> 1.1.0)
      specinfra (~> 1.0.4)
      sshkeyauth (~> 0.0.11)
      stomp (~> 1.3.1)

GEM
  remote: http://rubygems.org/
  specs:
    CFPropertyList (2.2.8)
    after_do (0.3.1)
    awesome_print (1.1.0)
    diff-lcs (1.3)
    dtk-action-agent (0.0.8)
      after_do (= 0.3.1)
      awesome_print (= 1.1.0)
      git (= 1.2.9.1)
      json (= 1.8.2)
    facter (2.2.0)
      CFPropertyList (~> 2.2.6)
    git (1.2.9.1)
    grit (2.5.0)
      diff-lcs (~> 1.1)
      mime-types (~> 1.15)
      posix-spawn (~> 0.3.6)
    hiera (1.3.4)
      json_pure
    highline (1.7.8)
    json (1.8.2)
    json_pure (1.8.3)
    mime-types (1.25.1)
    net-ssh (2.9.4)
    posix-spawn (0.3.8)
    puppet (3.6.2)
      facter (> 1.6, < 3)
      hiera (~> 1.0)
      json_pure
      rgen (~> 0.6.5)
    rgen (0.6.6)
    rspec (2.99.0)
      rspec-core (~> 2.99.0)
      rspec-expectations (~> 2.99.0)
      rspec-mocks (~> 2.99.0)
    rspec-core (2.99.2)
    rspec-expectations (2.99.2)
      diff-lcs (>= 1.1.3, < 2.0)
    rspec-mocks (2.99.4)
    serverspec (1.1.0)
      highline
      net-ssh
      rspec (~> 2.13)
      specinfra (>= 1.0.0)
    specinfra (1.0.5)
    sshkeyauth (0.0.11)
      net-ssh
    stomp (1.3.4)

PLATFORMS
  ruby

DEPENDENCIES
  dtk-node-agent!

BUNDLED WITH
   1.12.5
