PATH
  remote: .
  specs:
    dtk-client (0.1.0)
      facter (~> 1.7)
      trollop (~> 2.0)

GEM
  remote: http://rubygems.org/
  specs:
    facter (1.7.3)
    trollop (2.0)

PLATFORMS
  ruby

DEPENDENCIES
  dtk-client!
