PATH
  remote: .
  specs:
    dtk-node-agent (0.5.17)
      facter (~> 1.7.3)
      grit (~> 2.5.0)
      posix-spawn (= 0.3.8)
      puppet (~> 3.3.2)
      serverspec (~> 1.1.0)
      specinfra (~> 1.0.4)
      sshkeyauth (~> 0.0.11)
      stomp (~> 1.3.1)

GEM
  remote: http://rubygems.org/
  specs:
    diff-lcs (1.2.5)
    facter (1.7.6)
    grit (2.5.0)
      diff-lcs (~> 1.1)
      mime-types (~> 1.15)
      posix-spawn (~> 0.3.6)
    hiera (1.3.4)
      json_pure
    highline (1.6.21)
    json_pure (1.8.1)
    mime-types (1.25.1)
    net-ssh (2.9.1)
    posix-spawn (0.3.8)
    puppet (3.3.2)
      facter (~> 1.6)
      hiera (~> 1.0)
      rgen (~> 0.6.5)
    rgen (0.6.6)
    rspec (2.99.0)
      rspec-core (~> 2.99.0)
      rspec-expectations (~> 2.99.0)
      rspec-mocks (~> 2.99.0)
    rspec-core (2.99.2)
    rspec-expectations (2.99.2)
      diff-lcs (>= 1.1.3, < 2.0)
    rspec-mocks (2.99.2)
    serverspec (1.1.0)
      highline
      net-ssh
      rspec (~> 2.13)
      specinfra (>= 1.0.0)
    specinfra (1.0.5)
    sshkeyauth (0.0.11)
      net-ssh
    stomp (1.3.3)

PLATFORMS
  ruby

DEPENDENCIES
  dtk-node-agent!
